GEM
  remote: https://rubygems.org/
  specs:
    activemodel (3.2.13)
      activesupport (= 3.2.13)
      builder (~> 3.0.0)
    activesupport (3.2.13)
      i18n (= 0.6.1)
      multi_json (~> 1.0)
    addressable (2.3.4)
    bson (1.8.6)
    bson_ext (1.8.6)
      bson (~> 1.8.6)
    builder (3.0.4)
    choice (0.1.6)
    coderay (1.0.9)
    domain_name (0.5.11)
      unf (>= 0.0.5, < 1.0.0)
    faraday (0.8.7)
      multipart-post (~> 1.1)
    git (1.2.5)
    httmultiparty (0.3.10)
      httparty (>= 0.7.3)
      multipart-post
    http-cookie (1.0.1)
      domain_name (~> 0.5)
    httparty (0.11.0)
      multi_json (~> 1.0)
      multi_xml (>= 0.5.2)
    i18n (0.6.1)
    json (1.7.7)
    launchy (2.2.0)
      addressable (~> 2.3)
    lolcommits (0.4.3)
      activesupport (~> 3.2.12)
      choice (~> 0.1.6)
      git (~> 1.2.5)
      httmultiparty
      json (~> 1.7.6)
      launchy (~> 2.2.0)
      methadone (~> 1.2.4)
      mini_magick (~> 3.5)
      oauth
      open4 (~> 1.3.0)
      rest-client
      statsd-ruby (~> 1.2.0)
      twitter
    mechanize (2.7.1)
      domain_name (~> 0.5, >= 0.5.1)
      http-cookie (~> 1.0.0)
      mime-types (~> 1.17, >= 1.17.2)
      net-http-digest_auth (~> 1.1, >= 1.1.1)
      net-http-persistent (~> 2.5, >= 2.5.2)
      nokogiri (~> 1.4)
      ntlm-http (~> 0.1, >= 0.1.1)
      webrobots (>= 0.0.9, < 0.2)
    methadone (1.2.6)
      bundler
    method_source (0.8.1)
    mime-types (1.23)
    mini_magick (3.6.0)
      subexec (~> 0.2.1)
    mongo (1.8.6)
      bson (~> 1.8.6)
    mongo_mapper (0.12.0)
      activemodel (~> 3.0)
      activesupport (~> 3.0)
      plucky (~> 0.5.2)
    multi_json (1.7.5)
    multi_xml (0.5.3)
    multipart-post (1.2.0)
    net-http-digest_auth (1.3)
    net-http-persistent (2.8)
    nokogiri (1.5.9)
    ntlm-http (0.1.1)
    oauth (0.4.7)
    open4 (1.3.0)
    plucky (0.5.2)
      mongo (~> 1.5)
    pry (0.9.12.2)
      coderay (~> 1.0.5)
      method_source (~> 0.8)
      slop (~> 3.4)
    rest-client (1.6.7)
      mime-types (>= 1.16)
    simple_oauth (0.2.0)
    slop (3.4.5)
    statsd-ruby (1.2.0)
    subexec (0.2.3)
    twitter (4.7.0)
      faraday (~> 0.8, < 0.10)
      multi_json (~> 1.0)
      simple_oauth (~> 0.2)
    unf (0.1.1)
      unf_ext
    unf_ext (0.0.6)
    webrobots (0.1.1)

PLATFORMS
  ruby

DEPENDENCIES
  bson_ext
  lolcommits
  mechanize
  mongo_mapper
  nokogiri
  pry
